GEM
  remote: https://rubygems.org/
  specs:
    Platform (0.4.0)
    addressable (2.3.6)
    byebug (3.2.0)
      columnize (~> 0.8)
      debugger-linecache (~> 1.2)
    columnize (0.8.9)
    cookiejar (0.3.2)
    debugger-linecache (1.2.0)
    diff-lcs (1.2.5)
    em-http-request (1.1.2)
      addressable (>= 2.3.4)
      cookiejar
      em-socksify (>= 0.3)
      eventmachine (>= 1.0.3)
      http_parser.rb (>= 0.6.0)
    em-socksify (0.3.0)
      eventmachine (>= 1.0.0.beta.4)
    eventmachine (1.0.3)
    hiredis (0.5.2)
    http_parser.rb (0.6.0)
    nginx_test_helper (0.3.0)
      popen4
    open4 (1.3.4)
    popen4 (0.1.2)
      Platform (>= 0.4.0)
      open4 (>= 0.4.0)
    rake (10.3.2)
    redis (3.1.0)
    rspec (2.13.0)
      rspec-core (~> 2.13.0)
      rspec-expectations (~> 2.13.0)
      rspec-mocks (~> 2.13.0)
    rspec-core (2.13.0)
    rspec-expectations (2.13.0)
      diff-lcs (>= 1.1.3, < 2.0)
    rspec-mocks (2.13.0)
    rubyzip (1.1.6)

PLATFORMS
  ruby

DEPENDENCIES
  byebug
  em-http-request
  hiredis
  nginx_test_helper
  rake
  redis
  rspec
  rubyzip
